GEM
  remote: https://rubygems.org/
  specs:
    opengl-bindings (1.3.12)

PLATFORMS
  ruby

DEPENDENCIES
  opengl-bindings
